GEM
  remote: https://rubygems.org/
  specs:
    accounts_client (0.3.4)
      gravtastic
      logical_model (>= 0.7.1)
      railties (>= 3.1)
    actioncable (5.0.0)
      actionpack (= 5.0.0)
      nio4r (~> 1.2)
      websocket-driver (~> 0.6.1)
    actionmailer (5.0.0)
      actionpack (= 5.0.0)
      actionview (= 5.0.0)
      activejob (= 5.0.0)
      mail (~> 2.5, >= 2.5.4)
      rails-dom-testing (~> 2.0)
    actionpack (5.0.0)
      actionview (= 5.0.0)
      activesupport (= 5.0.0)
      rack (~> 2.0)
      rack-test (~> 0.6.3)
      rails-dom-testing (~> 2.0)
      rails-html-sanitizer (~> 1.0, >= 1.0.2)
    actionview (5.0.0)
      activesupport (= 5.0.0)
      builder (~> 3.1)
      erubis (~> 2.7.0)
      rails-dom-testing (~> 2.0)
      rails-html-sanitizer (~> 1.0, >= 1.0.2)
    activejob (5.0.0)
      activesupport (= 5.0.0)
      globalid (>= 0.3.6)
    activemodel (5.0.0)
      activesupport (= 5.0.0)
    activemodel-serializers-xml (1.0.2)
      activemodel (> 5.x)
      activesupport (> 5.x)
      builder (~> 3.1)
    activerecord (5.0.0)
      activemodel (= 5.0.0)
      activesupport (= 5.0.0)
      arel (~> 7.0)
    activerecord-session_store (1.1.3)
      actionpack (>= 4.0)
      activerecord (>= 4.0)
      multi_json (~> 1.11, >= 1.11.2)
      rack (>= 1.5.2, < 3)
      railties (>= 4.0)
    activeresource (5.1.1)
      activemodel (>= 5.0, < 7)
      activemodel-serializers-xml (~> 1.0)
      activesupport (>= 5.0, < 7)
    activesupport (5.0.0)
      concurrent-ruby (~> 1.0, >= 1.0.2)
      i18n (~> 0.7)
      minitest (~> 5.1)
      tzinfo (~> 1.1)
    addressable (2.8.5)
      public_suffix (>= 2.0.2, < 6.0)
    administrate (0.19.0)
      actionpack (>= 5.0)
      actionview (>= 5.0)
      activerecord (>= 5.0)
      jquery-rails (>= 4.0)
      kaminari (>= 1.0)
      sassc-rails (~> 2.1)
      selectize-rails (~> 0.6)
    annotate (2.5.0)
      rake
    arel (7.1.4)
    bcrypt (3.1.19)
    bcrypt-ruby (3.1.5)
      bcrypt (>= 3.1.3)
    better_errors (2.10.1)
      erubi (>= 1.0.0)
      rack (>= 0.9.0)
      rouge (>= 1.0.0)
    bindex (0.8.1)
    binding_of_caller (1.0.0)
      debug_inspector (>= 0.0.1)
    builder (3.2.4)
    cancan (1.6.10)
    cocoon (1.2.15)
    coffee-rails (4.2.2)
      coffee-script (>= 2.2.0)
      railties (>= 4.0.0)
    coffee-script (2.4.1)
      coffee-script-source
      execjs
    coffee-script-source (1.12.2)
    concurrent-ruby (1.2.2)
    contacts_client (0.1.0)
      logical_model (= 0.7.1)
      railties (>= 3.1)
    crack (0.4.5)
      rexml
    crass (1.0.6)
    date (3.3.4)
    debug_inspector (1.1.0)
    declarative (0.0.20)
    devise (4.0.0.rc1)
      bcrypt (~> 3.0)
      orm_adapter (~> 0.1)
      railties (>= 4.1.0, < 5.1)
      responders
      warden (~> 1.2.3)
    devise_cas_authenticatable (1.3.8)
      devise (>= 1.2.0)
      rubycas-client (>= 2.2.1)
    diff-lcs (1.5.0)
    domain_name (0.5.20190701)
      unf (>= 0.0.5, < 1.0.0)
    erubi (1.12.0)
    erubis (2.7.0)
    ethon (0.6.3)
      ffi (>= 1.3.0)
      mime-types (~> 1.18)
    execjs (2.9.1)
    faker (1.0.1)
      i18n (~> 0.4)
    faraday (1.10.3)
      faraday-em_http (~> 1.0)
      faraday-em_synchrony (~> 1.0)
      faraday-excon (~> 1.1)
      faraday-httpclient (~> 1.0)
      faraday-multipart (~> 1.0)
      faraday-net_http (~> 1.0)
      faraday-net_http_persistent (~> 1.0)
      faraday-patron (~> 1.0)
      faraday-rack (~> 1.0)
      faraday-retry (~> 1.0)
      ruby2_keywords (>= 0.0.4)
    faraday-em_http (1.0.0)
    faraday-em_synchrony (1.0.0)
    faraday-excon (1.1.0)
    faraday-httpclient (1.0.1)
    faraday-multipart (1.0.4)
      multipart-post (~> 2)
    faraday-net_http (1.0.1)
    faraday-net_http_persistent (1.2.0)
    faraday-patron (1.0.0)
    faraday-rack (1.0.0)
    faraday-retry (1.0.3)
    ffi (1.16.3)
    figaro (1.2.0)
      thor (>= 0.14.0, < 2)
    fnz_client (0.0.5)
      logical_model (>= 0.5.11)
      railties (>= 3.1)
    git-pivotal-tracker-integration (1.4.0)
      highline (~> 1.6)
      pivotal-tracker (~> 0.5)
    globalid (1.1.0)
      activesupport (>= 5.0)
    google-apis-core (0.11.2)
      addressable (~> 2.5, >= 2.5.1)
      googleauth (>= 0.16.2, < 2.a)
      httpclient (>= 2.8.1, < 3.a)
      mini_mime (~> 1.0)
      representable (~> 3.0)
      retriable (>= 2.0, < 4.a)
      rexml
      webrick
    google-apis-drive_v3 (0.44.0)
      google-apis-core (>= 0.11.0, < 2.a)
    google-apis-sheets_v4 (0.26.0)
      google-apis-core (>= 0.11.0, < 2.a)
    google_drive (3.0.7)
      google-apis-drive_v3 (>= 0.5.0, < 1.0.0)
      google-apis-sheets_v4 (>= 0.4.0, < 1.0.0)
      googleauth (>= 0.5.0, < 1.0.0)
      nokogiri (>= 1.5.3, < 2.0.0)
    googleauth (0.17.1)
      faraday (>= 0.17.3, < 2.0)
      jwt (>= 1.4, < 3.0)
      memoist (~> 0.16)
      multi_json (~> 1.11)
      os (>= 0.9, < 2.0)
      signet (~> 0.15)
    gravtastic (3.2.6)
    highline (1.7.10)
    http-accept (1.7.0)
    http-cookie (1.0.5)
      domain_name (~> 0.5)
    httpclient (2.8.3)
    i18n (0.9.5)
      concurrent-ruby (~> 1.0)
    jquery-rails (4.6.0)
      rails-dom-testing (>= 1, < 3)
      railties (>= 4.2.0)
      thor (>= 0.14, < 2.0)
    jwt (2.7.1)
    kaminari (1.2.2)
      activesupport (>= 4.1.0)
      kaminari-actionview (= 1.2.2)
      kaminari-activerecord (= 1.2.2)
      kaminari-core (= 1.2.2)
    kaminari-actionview (1.2.2)
      actionview
      kaminari-core (= 1.2.2)
    kaminari-activerecord (1.2.2)
      activerecord
      kaminari-core (= 1.2.2)
    kaminari-core (1.2.2)
    libv8 (3.16.14.19)
    logical_model (0.7.1)
      activemodel
      activesupport
      ethon (= 0.6.3)
      kaminari (~> 1.2.1)
      typhoeus (= 0.6.4)
    loofah (2.22.0)
      crass (~> 1.0.2)
      nokogiri (>= 1.12.0)
    mail (2.8.1)
      mini_mime (>= 0.1.1)
      net-imap
      net-pop
      net-smtp
    memoist (0.16.2)
    meta_request (0.7.4)
      rack-contrib (>= 1.1, < 3)
      railties (>= 3.0.0, < 7.1)
    method_source (1.0.0)
    mime-types (1.25.1)
    mini_mime (1.1.5)
    mini_portile2 (2.8.5)
    minitest (5.20.0)
    multi_json (1.15.0)
    multipart-post (2.3.0)
    net-imap (0.3.7)
      date
      net-protocol
    net-pop (0.1.2)
      net-protocol
    net-protocol (0.2.2)
      timeout
    net-smtp (0.4.0)
      net-protocol
    netrc (0.11.0)
    nio4r (1.2.1)
    nokogiri (1.13.10)
      mini_portile2 (~> 2.8.0)
      racc (~> 1.4)
    nokogiri-happymapper (0.9.0)
      nokogiri (~> 1.5)
    orm_adapter (0.5.0)
    os (1.1.4)
    pg (0.21.0)
    pivotal-tracker (0.5.13)
      builder
      crack
      nokogiri (>= 1.5.5)
      nokogiri-happymapper (>= 0.5.4)
      rest-client (>= 1.8.0)
    power_assert (2.0.3)
    public_suffix (5.0.3)
    racc (1.7.3)
    rack (2.2.8)
    rack-contrib (2.4.0)
      rack (< 4)
    rack-test (0.6.3)
      rack (>= 1.0)
    rails (5.0.0)
      actioncable (= 5.0.0)
      actionmailer (= 5.0.0)
      actionpack (= 5.0.0)
      actionview (= 5.0.0)
      activejob (= 5.0.0)
      activemodel (= 5.0.0)
      activerecord (= 5.0.0)
      activesupport (= 5.0.0)
      bundler (>= 1.3.0, < 2.0)
      railties (= 5.0.0)
      sprockets-rails (>= 2.0.0)
    rails-dom-testing (2.2.0)
      activesupport (>= 5.0.0)
      minitest
      nokogiri (>= 1.6)
    rails-html-sanitizer (1.5.0)
      loofah (~> 2.19, >= 2.19.1)
    railties (5.0.0)
      actionpack (= 5.0.0)
      activesupport (= 5.0.0)
      method_source
      rake (>= 0.8.7)
      thor (>= 0.18.1, < 2.0)
    rake (13.1.0)
    ref (2.0.0)
    representable (3.2.0)
      declarative (< 0.1.0)
      trailblazer-option (>= 0.1.1, < 0.2.0)
      uber (< 0.2.0)
    responders (3.0.1)
      actionpack (>= 5.0)
      railties (>= 5.0)
    rest-client (2.1.0)
      http-accept (>= 1.7.0, < 2.0)
      http-cookie (>= 1.0.2, < 2.0)
      mime-types (>= 1.16, < 4.0)
      netrc (~> 0.8)
    retriable (3.1.2)
    rexml (3.2.6)
    roo (1.13.2)
      nokogiri
      rubyzip
      spreadsheet (> 0.6.4)
    rouge (3.30.0)
    rspec-core (3.12.2)
      rspec-support (~> 3.12.0)
    rspec-expectations (3.12.3)
      diff-lcs (>= 1.2.0, < 2.0)
      rspec-support (~> 3.12.0)
    rspec-mocks (3.12.6)
      diff-lcs (>= 1.2.0, < 2.0)
      rspec-support (~> 3.12.0)
    rspec-rails (4.1.2)
      actionpack (>= 4.2)
      activesupport (>= 4.2)
      railties (>= 4.2)
      rspec-core (~> 3.10)
      rspec-expectations (~> 3.10)
      rspec-mocks (~> 3.10)
      rspec-support (~> 3.10)
    rspec-support (3.12.1)
    ruby-ole (1.2.12.2)
    ruby2_keywords (0.0.5)
    rubycas-client (2.3.9)
      activesupport
    rubyzip (2.3.2)
    sass-rails (6.0.0)
      sassc-rails (~> 2.1, >= 2.1.1)
    sassc (2.4.0)
      ffi (~> 1.9)
    sassc-rails (2.1.2)
      railties (>= 4.0.0)
      sassc (>= 2.0)
      sprockets (> 3.0)
      sprockets-rails
      tilt
    selectize-rails (0.12.6)
    signet (0.18.0)
      addressable (~> 2.8)
      faraday (>= 0.17.5, < 3.a)
      jwt (>= 1.5, < 3.0)
      multi_json (~> 1.10)
    simple_form (5.0.3)
      actionpack (>= 5.0)
      activemodel (>= 5.0)
    spreadsheet (1.3.0)
      ruby-ole
    sprockets (3.7.2)
      concurrent-ruby (~> 1.0)
      rack (> 1, < 3)
    sprockets-rails (3.2.2)
      actionpack (>= 4.0)
      activesupport (>= 4.0)
      sprockets (>= 3.0.0)
    strongbox (0.7.3)
      activerecord
    test-unit (3.6.1)
      power_assert
    therubyracer (0.12.3)
      libv8 (~> 3.16.14.15)
      ref
    thor (1.3.0)
    thread_safe (0.3.6)
    tilt (2.3.0)
    timeout (0.4.1)
    trailblazer-option (0.1.2)
    turbolinks (5.2.1)
      turbolinks-source (~> 5.2)
    turbolinks-source (5.2.0)
    typhoeus (0.6.4)
      ethon (~> 0.6.0)
    tzinfo (1.2.11)
      thread_safe (~> 0.1)
    uber (0.1.0)
    uglifier (1.2.3)
      execjs (>= 0.3.0)
      multi_json (>= 1.0.2)
    unf (0.1.4)
      unf_ext
    unf_ext (0.0.9)
    warden (1.2.9)
      rack (>= 2.0.9)
    web-console (3.7.0)
      actionview (>= 5.0)
      activemodel (>= 5.0)
      bindex (>= 0.4.0)
      railties (>= 5.0)
    webrick (1.8.1)
    websocket-driver (0.6.5)
      websocket-extensions (>= 0.1.0)
    websocket-extensions (0.1.5)

PLATFORMS
  ruby

DEPENDENCIES
  accounts_client
  activerecord-session_store
  activeresource
  administrate
  annotate (= 2.5.0)
  bcrypt-ruby (= 3.1.5)
  better_errors
  binding_of_caller
  cancan
  cocoon
  coffee-rails
  contacts_client
  devise (= 4.0.0.rc1)
  devise_cas_authenticatable (~> 1.3.7)
  execjs
  faker (= 1.0.1)
  figaro
  fnz_client
  git-pivotal-tracker-integration
  google_drive
  jquery-rails
  logical_model
  meta_request
  pg (~> 0.21)
  rails (= 5.0)
  roo (~> 1.13.0)
  rspec-rails
  sass-rails
  simple_form
  sprockets (~> 3)
  strongbox
  test-unit
  therubyracer
  turbolinks
  uglifier (= 1.2.3)
  web-console

RUBY VERSION
   ruby 2.6.3p62

BUNDLED WITH
   1.17.2
